NUGET
  remote: https://www.nuget.org/api/v2
    FAKE (4.64.13)
    FSharp.Compiler.Service (1.4.0.6)
    FSharp.Control.AsyncSeq (2.0.2)
    FSharp.Core (4.0.0.1)
    FSharp.Formatting (2.12)
      FSharp.Compiler.Service (1.4.0.6)
      FSharpVSPowerTools.Core (2.1)
    FSharpVSPowerTools.Core (2.1)
      FSharp.Compiler.Service (>= 1.4.0.6)
    NuGet.CommandLine (4.7)
    NUnit (2.6.4)
    NUnit.Runners (2.6.4)
    OxyPlot.Core (2014.1.546)
    OxyPlot.GtkSharp (2014.1.546)
      OxyPlot.Core (2014.1.546)
